GEM
  remote: https://rubygems.org/
  specs:
    activesupport (6.0.3.1)
      concurrent-ruby (~> 1.0, >= 1.0.2)
      i18n (>= 0.7, < 2)
      minitest (~> 5.1)
      tzinfo (~> 1.1)
      zeitwerk (~> 2.2, >= 2.2.2)
    concurrent-ruby (1.1.6)
    hamster (3.0.0)
      concurrent-ruby (~> 1.0)
    i18n (1.8.2)
      concurrent-ruby (~> 1.0)
    lino (1.3.0)
      hamster (~> 3.0)
      open4 (~> 1.3)
    minitar (0.9)
    minitest (5.14.1)
    open4 (1.3.4)
    rake (13.0.1)
    rake_dependencies (2.5.0)
      hamster (~> 3.0)
      minitar (~> 0.9)
      rake_factory (~> 0.23)
      rubyzip (>= 1.3)
    rake_factory (0.27.0)
      activesupport (>= 4)
      rake (~> 13.0)
    rake_leiningen (0.22.0)
      rake_dependencies (~> 2, < 3)
      rake_factory (>= 0.23, < 1)
      ruby_leiningen (~> 0.13)
      semantic (~> 1.6.1)
    ruby_leiningen (0.13.0)
      activesupport (~> 6.0, >= 6.0.2)
      lino (~> 1.1)
    rubyzip (2.3.0)
    semantic (1.6.1)
    thread_safe (0.3.6)
    tzinfo (1.2.7)
      thread_safe (~> 0.1)
    zeitwerk (2.3.0)

PLATFORMS
  ruby

DEPENDENCIES
  rake (~> 13.0)
  rake_leiningen (~> 0.18)

BUNDLED WITH
   2.1.4
