GEM
  remote: https://rubygems.org/
  specs:
    activesupport (7.0.4.2)
      concurrent-ruby (~> 1.0, >= 1.0.2)
      i18n (>= 1.6, < 2)
      minitest (>= 5.1)
      tzinfo (~> 2.0)
    addressable (2.8.1)
      public_suffix (>= 2.0.2, < 6.0)
    concurrent-ruby (1.2.0)
    down (5.4.0)
      addressable (~> 2.8)
    hamster (3.0.0)
      concurrent-ruby (~> 1.0)
    i18n (1.12.0)
      concurrent-ruby (~> 1.0)
    lino (3.1.0)
      hamster (~> 3.0)
      open4 (~> 1.3)
    minitar (0.9)
    minitest (5.17.0)
    open4 (1.3.4)
    public_suffix (5.0.1)
    rake (13.0.1)
    rake_dependencies (3.5.0)
      down (~> 5.3)
      hamster (~> 3.0)
      minitar (~> 0.9)
      rake_factory (~> 0.23)
      rubyzip (>= 1.3)
    rake_factory (0.31.0)
      activesupport (>= 4)
      rake (~> 13.0)
    rake_leiningen (0.36.0)
      rake_dependencies (~> 3.1)
      rake_factory (~> 0.23)
      ruby_leiningen (= 0.25.0)
      semantic (~> 1.6)
    ruby_leiningen (0.25.0)
      activesupport (>= 6.0.2, < 8)
      lino (~> 3.0)
    rubyzip (2.3.0)
    semantic (1.6.1)
    tzinfo (2.0.6)
      concurrent-ruby (~> 1.0)

PLATFORMS
  ruby

DEPENDENCIES
  rake (~> 13.0)
  rake_leiningen (~> 0.18)

BUNDLED WITH
   2.1.4
