GEM
  remote: https://rubygems.org/
  specs:
    concurrent-ruby (1.1.5)
    hamster (3.0.0)
      concurrent-ruby (~> 1.0)
    minitar (0.9)
    rake (13.0.1)
    rake_dependencies (0.23.0)
      hamster (~> 3.0)
      minitar (~> 0.7)
      rubyzip (>= 1.2.2)
    rake_leiningen (0.2.0)
      rake_dependencies (~> 0.19)
      semantic (~> 1.6.1)
    rubyzip (2.0.0)
    semantic (1.6.1)

PLATFORMS
  ruby

DEPENDENCIES
  rake (~> 13.0)
  rake_dependencies (~> 0.23.0)
  rake_leiningen (~> 0.2.0)

BUNDLED WITH
   2.0.2
